GEM
  remote: https://rubygems.org/
  specs:
    asciidoctor (1.5.4)
    asciidoctor-diagram (1.4.0)
      asciidoctor (~> 1.5.0)
    asciidoctor-revealjs (1.0.2)
      asciidoctor (~> 1.5.4)
      slim (~> 3.0.6)
      thread_safe (~> 0.3.5)
    slim (3.0.7)
      temple (~> 0.7.6)
      tilt (>= 1.3.3, < 2.1)
    temple (0.7.7)
    thread_safe (0.3.6)
    tilt (2.0.7)

PLATFORMS
  ruby

DEPENDENCIES
  asciidoctor (= 1.5.4)
  asciidoctor-diagram (~> 1.4.0)
  asciidoctor-revealjs (~> 1.0.2)

BUNDLED WITH
   1.13.6
